GEM
  remote: https://rubygems.org/
  specs:
    addressable (2.4.0)
    json-schema (2.7.0)
      addressable (>= 2.4)
    rack (1.6.4)
    rack-protection (1.5.3)
      rack
    sinatra (1.4.7)
      rack (~> 1.5)
      rack-protection (~> 1.4)
      tilt (>= 1.3, < 3)
    tilt (2.0.5)

PLATFORMS
  ruby

DEPENDENCIES
  json-schema
  sinatra

BUNDLED WITH
   1.10.6
