GEM
  remote: https://rubygems.org/
  specs:
    addressable (2.4.0)
    bson (4.1.1)
    chronic (0.10.2)
    coderay (1.1.1)
    highline (1.7.8)
    json-schema (2.7.0)
      addressable (>= 2.4)
    jwt (1.5.6)
    method_source (0.8.2)
    mongo (2.3.1)
      bson (~> 4.1)
    pry (0.10.4)
      coderay (~> 1.1.0)
      method_source (~> 0.8.1)
      slop (~> 3.4)
    rack (1.6.4)
    rack-protection (1.5.3)
      rack
    sinatra (1.4.7)
      rack (~> 1.5)
      rack-protection (~> 1.4)
      tilt (>= 1.3, < 3)
    slop (3.6.0)
    tilt (2.0.5)

PLATFORMS
  ruby

DEPENDENCIES
  chronic
  highline
  json-schema
  jwt
  mongo
  pry
  sinatra

BUNDLED WITH
   1.13.6
